GEM
  remote: https://rubygems.org/
  specs:
    faraday (0.10.1)
      multipart-post (>= 1.2, < 3)
    faraday_middleware (0.10.1)
      faraday (>= 0.7.4, < 1.0)
    multipart-post (2.0.0)
    statuscake (0.1.1)
      faraday (>= 0.8)
      faraday_middleware

PLATFORMS
  ruby

DEPENDENCIES
  statuscake

BUNDLED WITH
   1.13.6
